PATH
  remote: .
  specs:
    naver_map (0.2.3)
      rest-client (~> 2.0, >= 2.0.0)

GEM
  remote: https://rubygems.org/
  specs:
    domain_name (0.5.20161021)
      unf (>= 0.0.5, < 1.0.0)
    dotenv (2.1.1)
    http-cookie (1.0.3)
      domain_name (~> 0.5)
    mime-types (3.1)
      mime-types-data (~> 3.2015)
    mime-types-data (3.2016.0521)
    minitest (5.8.5)
    netrc (0.11.0)
    rake (11.2.2)
    rest-client (2.0.0)
      http-cookie (>= 1.0.2, < 2.0)
      mime-types (>= 1.16, < 4.0)
      netrc (~> 0.8)
    unf (0.1.4)
      unf_ext
    unf_ext (0.0.7.2)

PLATFORMS
  ruby

DEPENDENCIES
  bundler (~> 1.13)
  dotenv (~> 2.1, >= 2.1.1)
  minitest (~> 5.8, >= 5.8.3)
  naver_map!
  rake (~> 11.2, >= 11.2.2)

BUNDLED WITH
   1.13.6
